STORAGE: NONE
NUGET
  remote: https://www.nuget.org/api/v2
    Fable.AST (3.1.1) - restriction: >= netstandard2.0
    Fable.Browser.Blob (1.2) - restriction: >= netstandard2.0
      Fable.Core (>= 3.0) - restriction: >= netstandard2.0
      FSharp.Core (>= 4.7.2) - restriction: >= netstandard2.0
    Fable.Browser.Dom (2.10) - restriction: >= netstandard2.0
      Fable.Browser.Blob (>= 1.2) - restriction: >= netstandard2.0
      Fable.Browser.Event (>= 1.5) - restriction: >= netstandard2.0
      Fable.Browser.WebStorage (>= 1.1) - restriction: >= netstandard2.0
      Fable.Core (>= 3.2.8) - restriction: >= netstandard2.0
      FSharp.Core (>= 4.7.2) - restriction: >= netstandard2.0
    Fable.Browser.Event (1.5)
      Fable.Browser.Gamepad (>= 1.1) - restriction: >= netstandard2.0
      Fable.Core (>= 3.0) - restriction: >= netstandard2.0
      FSharp.Core (>= 4.7.2) - restriction: >= netstandard2.0
    Fable.Browser.Gamepad (1.1) - restriction: >= netstandard2.0
      Fable.Core (>= 3.0) - restriction: >= netstandard2.0
      FSharp.Core (>= 4.7.2) - restriction: >= netstandard2.0
    Fable.Browser.WebStorage (1.1)
      Fable.Browser.Event (>= 1.5) - restriction: >= netstandard2.0
      Fable.Core (>= 3.0) - restriction: >= netstandard2.0
      FSharp.Core (>= 4.7.2) - restriction: >= netstandard2.0
    Fable.Core (3.7)
    Fable.Elmish (3.1)
      Fable.Core (>= 3.0) - restriction: >= netstandard2.0
      FSharp.Core (>= 4.6.2) - restriction: >= netstandard2.0
    Fable.Elmish.React (3.0.1)
      Fable.Core (>= 3.0) - restriction: >= netstandard2.0
      Fable.Elmish (>= 3.0) - restriction: >= netstandard2.0
      Fable.React (>= 5.1) - restriction: >= netstandard2.0
      FSharp.Core (>= 4.6.2) - restriction: >= netstandard2.0
    Fable.Promise (3.1.3)
      Fable.Core (>= 3.1.5) - restriction: >= netstandard2.0
      FSharp.Core (>= 4.7.2) - restriction: >= netstandard2.0
    Fable.React (8.0.1) - restriction: >= netstandard2.0
      Fable.Browser.Dom (>= 2.4.4) - restriction: >= netstandard2.0
      Fable.Core (>= 3.2.7) - restriction: >= netstandard2.0
      FSharp.Core (>= 4.7.2) - restriction: >= netstandard2.0
    Feliz (1.62)
      Fable.Core (>= 3.1.5) - restriction: >= netstandard2.0
      Fable.React (>= 7.4) - restriction: >= netstandard2.0
      Feliz.CompilerPlugins (>= 1.8) - restriction: >= netstandard2.0
      FSharp.Core (>= 4.7.2) - restriction: >= netstandard2.0
    Feliz.Bulma (2.18)
      Feliz (>= 1.32) - restriction: >= netstandard2.0
      FSharp.Core (>= 4.7.2) - restriction: >= netstandard2.0
    Feliz.CompilerPlugins (1.8) - restriction: >= netstandard2.0
      Fable.AST (>= 3.0) - restriction: >= netstandard2.0
      FSharp.Core (>= 4.7.2) - restriction: >= netstandard2.0
    FSharp.Core (6.0.3)
    Thoth.Json (7.0)
      Fable.Core (>= 3.1.6) - restriction: >= netstandard2.0
      FSharp.Core (>= 4.7.2) - restriction: >= netstandard2.0
