STORAGE: NONE
NUGET
  remote: https://www.nuget.org/api/v2
    Fable.Browser.Event (1.4.6)
      Fable.Browser.Gamepad (>= 1.0.3) - restriction: >= netstandard2.0
      Fable.Core (>= 3.0) - restriction: >= netstandard2.0
      FSharp.Core (>= 4.7.2) - restriction: >= netstandard2.0
    Fable.Browser.Gamepad (1.0.3) - restriction: >= netstandard2.0
      Fable.Core (>= 3.0) - restriction: >= netstandard2.0
      FSharp.Core (>= 4.7.2) - restriction: >= netstandard2.0
    Fable.Browser.WebStorage (1.0.4)
      Fable.Browser.Event (>= 1.4.4) - restriction: >= netstandard2.0
      Fable.Core (>= 3.0) - restriction: >= netstandard2.0
      FSharp.Core (>= 4.7.2) - restriction: >= netstandard2.0
    Fable.Core (3.2.3)
      FSharp.Core (>= 4.7.2) - restriction: >= netstandard2.0
    Fable.Promise (3.1)
      Fable.Core (>= 3.1.5) - restriction: >= netstandard2.0
      FSharp.Core (>= 4.7.2) - restriction: >= netstandard2.0
    FSharp.Core (5.0.2)
